GEM
  remote: https://rubygems.org/
  specs:
    ast (2.2.0)
    citrus (3.0.2)
    diff-lcs (1.2.5)
    parser (2.3.0.7)
      ast (~> 2.2)
    rake (10.5.0)
    rspec (3.4.0)
      rspec-core (~> 3.4.0)
      rspec-expectations (~> 3.4.0)
      rspec-mocks (~> 3.4.0)
    rspec-core (3.4.4)
      rspec-support (~> 3.4.0)
    rspec-expectations (3.4.0)
      diff-lcs (>= 1.2.0, < 2.0)
      rspec-support (~> 3.4.0)
    rspec-mocks (3.4.1)
      diff-lcs (>= 1.2.0, < 2.0)
      rspec-support (~> 3.4.0)
    rspec-support (3.4.1)
    toml-rb (0.3.12)
      citrus (~> 3.0, > 3.0)

PLATFORMS
  ruby

DEPENDENCIES
  parser (~> 2.3)
  rake (~> 10.4)
  rspec (~> 3.4)
  toml-rb (~> 0.3.10)

BUNDLED WITH
   1.11.2
